PATH
  remote: .
  specs:
    vop-plugins (0.3.6)
      passgen
      vault
      xml-simple

GEM
  remote: https://rubygems.org/
  specs:
    aws-eventstream (1.2.0)
    aws-sigv4 (1.5.2)
      aws-eventstream (~> 1, >= 1.0.2)
    passgen (1.2.0)
    rexml (3.2.5)
    rspec (0.9.4)
    vault (0.17.0)
      aws-sigv4
    xml-simple (1.1.9)
      rexml

PLATFORMS
  x86_64-linux

DEPENDENCIES
  rspec (~> 0)
  vop-plugins!

BUNDLED WITH
   2.4.10
