PATH
  remote: ../vop
  specs:
    vop (0.3.6)
      bcrypt_pbkdf
      byebug
      ed25519
      json (~> 2.3)
      net-scp
      net-ssh
      passgen
      redis
      sidekiq
      terminal-table
      vault
      xml-simple

PATH
  remote: .
  specs:
    vop-plugins (0.3.6)
      vop (>= 0.3.6)
      xml-simple

GEM
  remote: https://rubygems.org/
  specs:
    aws-eventstream (1.3.0)
    aws-sigv4 (1.8.0)
      aws-eventstream (~> 1, >= 1.0.2)
    bcrypt_pbkdf (1.1.0)
    byebug (11.1.3)
    concurrent-ruby (1.2.3)
    connection_pool (2.4.1)
    diff-lcs (1.5.1)
    ed25519 (1.3.0)
    json (2.7.2)
    net-scp (4.0.0)
      net-ssh (>= 2.6.5, < 8.0.0)
    net-ssh (7.2.3)
    passgen (1.2.0)
    rack (3.0.11)
    rake (13.2.1)
    redis (5.2.0)
      redis-client (>= 0.22.0)
    redis-client (0.22.1)
      connection_pool
    rexml (3.2.8)
      strscan (>= 3.0.9)
    rspec (3.13.0)
      rspec-core (~> 3.13.0)
      rspec-expectations (~> 3.13.0)
      rspec-mocks (~> 3.13.0)
    rspec-core (3.13.0)
      rspec-support (~> 3.13.0)
    rspec-expectations (3.13.0)
      diff-lcs (>= 1.2.0, < 2.0)
      rspec-support (~> 3.13.0)
    rspec-mocks (3.13.1)
      diff-lcs (>= 1.2.0, < 2.0)
      rspec-support (~> 3.13.0)
    rspec-support (3.13.1)
    sidekiq (7.2.4)
      concurrent-ruby (< 2)
      connection_pool (>= 2.3.0)
      rack (>= 2.2.4)
      redis-client (>= 0.19.0)
    strscan (3.1.0)
    terminal-table (3.0.2)
      unicode-display_width (>= 1.1.1, < 3)
    unicode-display_width (2.5.0)
    vault (0.18.2)
      aws-sigv4
    xml-simple (1.1.9)
      rexml

PLATFORMS
  x86_64-linux

DEPENDENCIES
  rake
  rspec (~> 3.0)
  vop!
  vop-plugins!

BUNDLED WITH
   2.3.7
